GEM
  remote: http://rubygems.org/
  specs:
    capybara (2.1.0)
      mime-types (>= 1.16)
      nokogiri (>= 1.3.3)
      rack (>= 1.0.0)
      rack-test (>= 0.5.4)
      xpath (~> 2.0)
    diff-lcs (1.2.4)
    faraday (0.8.7)
      multipart-post (~> 1.1)
    hashie (2.0.4)
    hiredis (0.4.5)
    httpauth (0.2.0)
    json (1.7.7)
    jwt (0.1.8)
      multi_json (>= 1.5)
    mime-types (1.23)
    multi_json (1.7.2)
    multipart-post (1.2.0)
    nokogiri (1.5.9)
    oauth2 (0.8.1)
      faraday (~> 0.8)
      httpauth (~> 0.1)
      jwt (~> 0.1.4)
      multi_json (~> 1.0)
      rack (~> 1.2)
    omniauth (1.1.4)
      hashie (>= 1.2, < 3)
      rack
    omniauth-facebook (1.4.1)
      omniauth-oauth2 (~> 1.1.0)
    omniauth-oauth2 (1.1.1)
      oauth2 (~> 0.8.0)
      omniauth (~> 1.0)
    rack (1.5.2)
    rack-protection (1.5.0)
      rack
    rack-test (0.6.2)
      rack (>= 1.0)
    rake (10.0.4)
    redis (3.0.4)
    rspec (2.13.0)
      rspec-core (~> 2.13.0)
      rspec-expectations (~> 2.13.0)
      rspec-mocks (~> 2.13.0)
    rspec-core (2.13.1)
    rspec-expectations (2.13.0)
      diff-lcs (>= 1.1.3, < 2.0)
    rspec-mocks (2.13.1)
    sinatra (1.4.2)
      rack (~> 1.5, >= 1.5.2)
      rack-protection (~> 1.4)
      tilt (~> 1.3, >= 1.3.4)
    sinatra-flash (0.3.0)
      sinatra (>= 1.0.0)
    slim (1.0.1)
      temple (~> 0.3.0)
      tilt (~> 1.2)
    temple (0.3.5)
    tilt (1.4.0)
    xpath (2.0.0)
      nokogiri (~> 1.3)

PLATFORMS
  ruby

DEPENDENCIES
  capybara
  hiredis
  json
  omniauth-facebook
  rake
  redis
  rspec
  sinatra
  sinatra-flash
  slim
